GEM
  remote: http://rubygems.org/
  specs:
    newrelic_rpm (3.6.6.147)
    rack (1.4.5)
    rack-protection (1.5.0)
      rack
    sinatra (1.4.3)
      rack (~> 1.4)
      rack-protection (~> 1.4)
      tilt (~> 1.3, >= 1.3.4)
    tilt (1.3.6)

PLATFORMS
  ruby

DEPENDENCIES
  newrelic_rpm
  rack
  sinatra
