GEM
  remote: http://rubygems.org/
  specs:
    coderay (1.1.0)
    formkeeper (0.0.13)
      hpricot
      rack
    hpricot (0.8.6)
    kgio (2.8.1)
    method_source (0.8.2)
    newrelic_rpm (3.6.6.147)
    pry (0.9.12.4)
      coderay (~> 1.0)
      method_source (~> 0.8)
      slop (~> 3.4)
    pry-nav (0.2.3)
      pry (~> 0.9.10)
    rack (1.4.5)
    rack-protection (1.5.0)
      rack
    raindrops (0.12.0)
    sinatra (1.4.3)
      rack (~> 1.4)
      rack-protection (~> 1.4)
      tilt (~> 1.3, >= 1.3.4)
    sinatra-formkeeper (0.0.7)
      formkeeper (~> 0.0.12)
      hpricot
      rack
      sinatra
    slop (3.4.7)
    tilt (1.3.6)
    unicorn (4.8.0)
      kgio (~> 2.6)
      rack
      raindrops (~> 0.7)

PLATFORMS
  ruby

DEPENDENCIES
  newrelic_rpm
  pry-nav
  rack
  sinatra
  sinatra-formkeeper
  unicorn
