GEM
  remote: http://rubygems.org/
  specs:
    capistrano (3.4.1)
      i18n
      rake (>= 10.0.0)
      sshkit (~> 1.3)
    capistrano-bundler (1.3.0)
      capistrano (~> 3.1)
      sshkit (~> 1.2)
    capistrano-rvm (0.1.2)
      capistrano (~> 3.0)
      sshkit (~> 1.2)
    capistrano3-unicorn (0.2.1)
      capistrano (~> 3.1, >= 3.1.0)
    coderay (1.1.2)
    concurrent-ruby (1.0.5)
    dotenv (2.2.1)
    formkeeper (0.0.15)
      hpricot
      rack
    hpricot (0.8.6)
    i18n (0.9.3)
      concurrent-ruby (~> 1.0)
    kgio (2.11.1)
    mail (2.7.0)
      mini_mime (>= 0.1.1)
    method_source (0.8.2)
    mini_mime (1.0.0)
    mustermann (1.0.1)
    net-scp (1.2.1)
      net-ssh (>= 2.6.5)
    net-ssh (4.2.0)
    newrelic_rpm (4.7.1.340)
    pony (1.12)
      mail (>= 2.0)
    pry (0.10.4)
      coderay (~> 1.1.0)
      method_source (~> 0.8.1)
      slop (~> 3.4)
    pry-nav (0.2.4)
      pry (>= 0.9.10, < 0.11.0)
    rack (2.0.3)
    rack-protection (2.0.0)
      rack
    raindrops (0.19.0)
    rake (12.3.0)
    sinatra (2.0.0)
      mustermann (~> 1.0)
      rack (~> 2.0)
      rack-protection (= 2.0.0)
      tilt (~> 2.0)
    sinatra-formkeeper (0.0.7)
      formkeeper (~> 0.0.12)
      hpricot
      rack
      sinatra
    slop (3.6.0)
    sshkit (1.15.1)
      net-scp (>= 1.1.2)
      net-ssh (>= 2.8.0)
    tilt (2.0.8)
    unicorn (5.4.0)
      kgio (~> 2.6)
      raindrops (~> 0.7)

PLATFORMS
  ruby

DEPENDENCIES
  capistrano (~> 3.4.0)
  capistrano-bundler
  capistrano-rvm
  capistrano3-unicorn
  dotenv
  newrelic_rpm
  pony
  pry-nav
  rack
  sinatra
  sinatra-formkeeper
  unicorn

RUBY VERSION
   ruby 2.5.0p0

BUNDLED WITH
   1.16.1
