GEM
  remote: http://rubygems.org/
  specs:
    newrelic_rpm (3.6.6.147)

PLATFORMS
  ruby

DEPENDENCIES
  newrelic_rpm
